GEM
  remote: https://rubygems.org/
  specs:

PLATFORMS
  ruby

DEPENDENCIES
  bundler (~> 1.16)

BUNDLED WITH
   1.16.1
